PATH
  remote: .
  specs:
    rtl (0.5.0)

GEM
  remote: https://rubygems.org/
  specs:
    docile (1.4.0)
    minitest (5.14.4)
    rake (13.0.6)
    simplecov (0.21.2)
      docile (~> 1.1)
      simplecov-html (~> 0.11)
      simplecov_json_formatter (~> 0.1)
    simplecov-html (0.12.3)
    simplecov_json_formatter (0.1.3)

PLATFORMS
  ruby

DEPENDENCIES
  bundler (~> 2.2.20)
  minitest (~> 5)
  rake (~> 13)
  rtl!
  simplecov (~> 0.21)

BUNDLED WITH
   2.2.24
